GEM
  remote: http://rubygems.org/
  specs:
    patron (0.4.18)

PLATFORMS
  ruby

DEPENDENCIES
  patron
